GEM
  remote: https://rubygems.org/
  specs:
    svn2git (2.3.2)

PLATFORMS
  ruby

DEPENDENCIES
  svn2git
